GEM
  remote: https://rubygems.org/
  specs:
    actioncable (6.1.7.9)
      actionpack (= 6.1.7.9)
      activesupport (= 6.1.7.9)
      nio4r (~> 2.0)
      websocket-driver (>= 0.6.1)
    actionmailbox (6.1.7.9)
      actionpack (= 6.1.7.9)
      activejob (= 6.1.7.9)
      activerecord (= 6.1.7.9)
      activestorage (= 6.1.7.9)
      activesupport (= 6.1.7.9)
      mail (>= 2.7.1)
    actionmailer (6.1.7.9)
      actionpack (= 6.1.7.9)
      actionview (= 6.1.7.9)
      activejob (= 6.1.7.9)
      activesupport (= 6.1.7.9)
      mail (~> 2.5, >= 2.5.4)
      rails-dom-testing (~> 2.0)
    actionpack (6.1.7.9)
      actionview (= 6.1.7.9)
      activesupport (= 6.1.7.9)
      rack (~> 2.0, >= 2.0.9)
      rack-test (>= 0.6.3)
      rails-dom-testing (~> 2.0)
      rails-html-sanitizer (~> 1.0, >= 1.2.0)
    actiontext (6.1.7.9)
      actionpack (= 6.1.7.9)
      activerecord (= 6.1.7.9)
      activestorage (= 6.1.7.9)
      activesupport (= 6.1.7.9)
      nokogiri (>= 1.8.5)
    actionview (6.1.7.9)
      activesupport (= 6.1.7.9)
      builder (~> 3.1)
      erubi (~> 1.4)
      rails-dom-testing (~> 2.0)
      rails-html-sanitizer (~> 1.1, >= 1.2.0)
    activejob (6.1.7.9)
      activesupport (= 6.1.7.9)
      globalid (>= 0.3.6)
    activemodel (6.1.7.9)
      activesupport (= 6.1.7.9)
    activerecord (6.1.7.9)
      activemodel (= 6.1.7.9)
      activesupport (= 6.1.7.9)
    activestorage (6.1.7.9)
      actionpack (= 6.1.7.9)
      activejob (= 6.1.7.9)
      activerecord (= 6.1.7.9)
      activesupport (= 6.1.7.9)
      marcel (~> 1.0)
      mini_mime (>= 1.1.0)
    activesupport (6.1.7.9)
      concurrent-ruby (~> 1.0, >= 1.0.2)
      i18n (>= 1.6, < 2)
      minitest (>= 5.1)
      tzinfo (~> 2.0)
      zeitwerk (~> 2.3)
    ansi (1.5.0)
    autoprefixer-rails (10.4.19.0)
      execjs (~> 2)
    bcrypt (3.1.20)
    bindex (0.8.1)
    bootstrap-sass (3.4.1)
      autoprefixer-rails (>= 5.2.1)
      sassc (>= 2.0.0)
    bootstrap-will_paginate (1.0.0)
      will_paginate
    builder (3.3.0)
    byebug (11.1.3)
    carrierwave (1.3.4)
      activemodel (>= 4.0.0)
      activesupport (>= 4.0.0)
      mime-types (>= 1.16)
      ssrf_filter (~> 1.0, < 1.1.0)
    coderay (1.1.3)
    coffee-rails (4.2.2)
      coffee-script (>= 2.2.0)
      railties (>= 4.0.0)
    coffee-script (2.4.1)
      coffee-script-source
      execjs
    coffee-script-source (1.12.2)
    concurrent-ruby (1.3.4)
    crass (1.0.6)
    date (3.3.4)
    erubi (1.13.0)
    execjs (2.9.1)
    faker (2.23.0)
      i18n (>= 1.8.11, < 2)
    ffi (1.17.0-x86_64-darwin)
    ffi (1.17.0-x86_64-linux-gnu)
    formatador (1.1.0)
    globalid (1.2.1)
      activesupport (>= 6.1)
    guard (2.18.1)
      formatador (>= 0.2.4)
      listen (>= 2.7, < 4.0)
      lumberjack (>= 1.0.12, < 2.0)
      nenv (~> 0.1)
      notiffany (~> 0.0)
      pry (>= 0.13.0)
      shellany (~> 0.0)
      thor (>= 0.18.1)
    guard-compat (1.2.1)
    guard-minitest (2.4.6)
      guard-compat (~> 1.2)
      minitest (>= 3.0)
    i18n (1.14.6)
      concurrent-ruby (~> 1.0)
    jbuilder (2.13.0)
      actionview (>= 5.0.0)
      activesupport (>= 5.0.0)
    jquery-rails (4.6.0)
      rails-dom-testing (>= 1, < 3)
      railties (>= 4.2.0)
      thor (>= 0.14, < 2.0)
    listen (3.9.0)
      rb-fsevent (~> 0.10, >= 0.10.3)
      rb-inotify (~> 0.9, >= 0.9.10)
    logger (1.6.1)
    loofah (2.22.0)
      crass (~> 1.0.2)
      nokogiri (>= 1.12.0)
    lumberjack (1.2.10)
    mail (2.8.1)
      mini_mime (>= 0.1.1)
      net-imap
      net-pop
      net-smtp
    marcel (1.0.4)
    method_source (1.1.0)
    mime-types (3.6.0)
      logger
      mime-types-data (~> 3.2015)
    mime-types-data (3.2024.1001)
    mimemagic (0.4.3)
      nokogiri (~> 1)
      rake
    mini_magick (4.13.2)
    mini_mime (1.1.5)
    minitest (5.25.1)
    minitest-reporters (1.7.1)
      ansi
      builder
      minitest (>= 5.0)
      ruby-progressbar
    nenv (0.3.0)
    net-imap (0.5.0)
      date
      net-protocol
    net-pop (0.1.2)
      net-protocol
    net-protocol (0.2.2)
      timeout
    net-smtp (0.5.0)
      net-protocol
    nio4r (2.7.3)
    nokogiri (1.16.7-x86_64-darwin)
      racc (~> 1.4)
    nokogiri (1.16.7-x86_64-linux)
      racc (~> 1.4)
    notiffany (0.1.3)
      nenv (~> 0.1)
      shellany (~> 0.0)
    pg (1.5.8)
    pry (0.14.2)
      coderay (~> 1.1)
      method_source (~> 1.0)
    puma (3.12.6)
    racc (1.8.1)
    rack (2.2.10)
    rack-test (2.1.0)
      rack (>= 1.3)
    rails (6.1.7.9)
      actioncable (= 6.1.7.9)
      actionmailbox (= 6.1.7.9)
      actionmailer (= 6.1.7.9)
      actionpack (= 6.1.7.9)
      actiontext (= 6.1.7.9)
      actionview (= 6.1.7.9)
      activejob (= 6.1.7.9)
      activemodel (= 6.1.7.9)
      activerecord (= 6.1.7.9)
      activestorage (= 6.1.7.9)
      activesupport (= 6.1.7.9)
      bundler (>= 1.15.0)
      railties (= 6.1.7.9)
      sprockets-rails (>= 2.0.0)
    rails-controller-testing (1.0.5)
      actionpack (>= 5.0.1.rc1)
      actionview (>= 5.0.1.rc1)
      activesupport (>= 5.0.1.rc1)
    rails-dom-testing (2.2.0)
      activesupport (>= 5.0.0)
      minitest
      nokogiri (>= 1.6)
    rails-html-sanitizer (1.6.0)
      loofah (~> 2.21)
      nokogiri (~> 1.14)
    railties (6.1.7.9)
      actionpack (= 6.1.7.9)
      activesupport (= 6.1.7.9)
      method_source
      rake (>= 12.2)
      thor (~> 1.0)
    rake (13.2.1)
    rb-fsevent (0.11.2)
    rb-inotify (0.11.1)
      ffi (~> 1.0)
    ruby-progressbar (1.13.0)
    sass-rails (6.0.0)
      sassc-rails (~> 2.1, >= 2.1.1)
    sassc (2.4.0)
      ffi (~> 1.9)
    sassc-rails (2.1.2)
      railties (>= 4.0.0)
      sassc (>= 2.0)
      sprockets (> 3.0)
      sprockets-rails
      tilt
    shellany (0.0.1)
    spring (2.1.1)
    spring-watcher-listen (2.0.1)
      listen (>= 2.7, < 4.0)
      spring (>= 1.2, < 3.0)
    sprockets (4.2.1)
      concurrent-ruby (~> 1.0)
      rack (>= 2.2.4, < 4)
    sprockets-rails (3.5.2)
      actionpack (>= 6.1)
      activesupport (>= 6.1)
      sprockets (>= 3.0.0)
    sqlite3 (1.7.3-x86_64-darwin)
    sqlite3 (1.7.3-x86_64-linux)
    ssrf_filter (1.0.8)
    thor (1.3.2)
    tilt (2.4.0)
    timeout (0.4.1)
    turbolinks (5.2.1)
      turbolinks-source (~> 5.2)
    turbolinks-source (5.2.0)
    tzinfo (2.0.6)
      concurrent-ruby (~> 1.0)
    uglifier (4.2.1)
      execjs (>= 0.3.0, < 3)
    web-console (3.7.0)
      actionview (>= 5.0)
      activemodel (>= 5.0)
      bindex (>= 0.4.0)
      railties (>= 5.0)
    websocket-driver (0.7.6)
      websocket-extensions (>= 0.1.0)
    websocket-extensions (0.1.5)
    will_paginate (3.3.1)
    zeitwerk (2.7.1)

PLATFORMS
  x86_64-darwin-21
  x86_64-linux

DEPENDENCIES
  bcrypt
  bootstrap-sass (~> 3.4)
  bootstrap-will_paginate (~> 1.0.0)
  byebug (~> 11.1)
  carrierwave (~> 1.3)
  coffee-rails (~> 4.2)
  faker (~> 2.19)
  guard (~> 2.18)
  guard-minitest (~> 2.4.6)
  jbuilder (~> 2.11)
  jquery-rails (~> 4.3)
  listen (~> 3.2)
  mimemagic (~> 0.4.2)
  mini_magick (~> 4.9)
  minitest (~> 5.14)
  minitest-reporters (~> 1.3)
  pg
  puma (~> 3.12)
  rails (~> 6.1)
  rails-controller-testing (~> 1.0.5)
  rake (~> 13.0)
  sass-rails (~> 6.0)
  spring (~> 2.1)
  spring-watcher-listen (~> 2.0.1)
  sqlite3 (~> 1.4)
  turbolinks (~> 5.2)
  uglifier (~> 4.2)
  web-console (~> 3.7)
  will_paginate (~> 3.3.0)

BUNDLED WITH
   2.4.19
